{
    "Modality": "MR",
    "MagneticFieldStrength": 3,
    "ImagingFrequency": 123.221,
    "Manufacturer": "Siemens",
    "ManufacturersModelName": "MAGNETOM_Prisma",
    "InstitutionName": "TTK_AKK",
    "InstitutionAddress": "Magyar_Tudosok_Korutja_2_Budapest_HU_1117",
    "DeviceSerialNumber": "66040",
    "StationName": "AWP66040",
    "BodyPartExamined": "HEAD",
    "PatientPosition": "HFS",
    "ProcedureStepDescription": "head_Highres_Hippocampus",
    "SoftwareVersions": "syngo_MR_XA30",
    "MRAcquisitionType": "2D",
    "SeriesDescription": "DTI",
    "ProtocolName": "DTI",
    "ScanningSequence": "GR_EP",
    "SequenceVariant": "SK",
    "ScanOptions": "PFP_CG_RG_FS_PER",
    "SequenceName": "_ep_b0",
    "ImageType": [
        "ORIGINAL",
        "PRIMARY",
        "DIFFUSION",
        "NONE",
        "ND",
        "NORM",
        "MFSPLIT"
    ],
    "SeriesNumber": 38,
    "AcquisitionTime": "17:50:36.655000",
    "AcquisitionNumber": 1,
    "SliceThickness": 2,
    "SpacingBetweenSlices": 2,
    "SAR": 0.523877,
    "EchoTime": 0.085,
    "RepetitionTime": 2.3,
    "FlipAngle": 90,
    "ReceiveCoilActiveElements": "HEA;HEP",
    "CoilString": "Head_32",
    "PartialFourier": 0.75,
    "MultibandAccelerationFactor": 4,
    "PercentPhaseFOV": 100,
    "EchoTrainLength": 78,
    "PhaseEncodingSteps": 104,
    "AcquisitionMatrixPE": 104,
    "ReconMatrixPE": 104,
    "BandwidthPerPixelPhaseEncode": 16.026,
    "EffectiveEchoSpacing": 0.000599987,
    "DerivedVendorReportedEchoSpacing": 0.000599987,
    "TotalReadoutTime": 0.0617986,
    "PixelBandwidth": 2090,
    "PhaseEncodingDirection": "j-",
    "ImageOrientationPatientDICOM": [
        0.998422,
        0.00559932,
        0.0558795,
        -0.00487926,
        0.999903,
        -0.0130142
    ],
    "InPlanePhaseEncodingDirectionDICOM": "COL",
    "ConversionSoftware": "dcm2niix",
    "ConversionSoftwareVersion": "v1.0.20190902",
    "Dcm2bidsVersion": "2.1.4"
}