{
    "Modality": "MR",
    "MagneticFieldStrength": 3,
    "ImagingFrequency": 123.221,
    "Manufacturer": "Siemens",
    "ManufacturersModelName": "MAGNETOM_Prisma",
    "InstitutionName": "TTK_AKK",
    "InstitutionAddress": "Magyar_Tudosok_Korutja_2_Budapest_HU_1117",
    "DeviceSerialNumber": "66040",
    "StationName": "AWP66040",
    "BodyPartExamined": "HEAD",
    "PatientPosition": "HFS",
    "ProcedureStepDescription": "head_Highres_Hippocampus",
    "SoftwareVersions": "syngo_MR_XA30",
    "MRAcquisitionType": "2D",
    "SeriesDescription": "field_map_2",
    "ProtocolName": "field_map_2",
    "ScanningSequence": "GR",
    "SequenceVariant": "SK",
    "ScanOptions": "CG_RG_PER",
    "SequenceName": "_fm2d2r",
    "ImageType": [
        "ORIGINAL",
        "PRIMARY",
        "P",
        "DIS2D",
        "MFSPLIT"
    ],
    "SeriesNumber": 24,
    "AcquisitionTime": "15:51:11.862500",
    "AcquisitionNumber": 1,
    "SliceThickness": 3,
    "SpacingBetweenSlices": 3.75,
    "SAR": 0.18053,
    "RepetitionTime": 0.435,
    "FlipAngle": 60,
    "ReceiveCoilActiveElements": "HEA;HEP",
    "CoilString": "Head_32",
    "PercentPhaseFOV": 100,
    "PhaseEncodingSteps": 70,
    "AcquisitionMatrixPE": 70,
    "ReconMatrixPE": 70,
    "PixelBandwidth": 290,
    "PhaseEncodingDirection": "j-",
    "ImageOrientationPatientDICOM": [
        0.999604,
        0.0219191,
        -0.0176634,
        -0.0148305,
        0.943378,
        0.331388
    ],
    "InPlanePhaseEncodingDirectionDICOM": "COL",
    "ConversionSoftware": "dcm2niix",
    "ConversionSoftwareVersion": "v1.0.20190902",
    "IntendedFor": [
        "func/sub-351677_task-LOC_acq-ENC_run-2_bold.nii.gz",
        "func/sub-351677_task-LOC_acq-REC_run-2_bold.nii.gz",
        "func/sub-351677_task-LOC_acq-ENC_run-1_bold.nii.gz",
        "func/sub-351677_task-LOC_acq-REC_run-1_bold.nii.gz"
    ],
    "EchoTime1": 0.00492,
    "EchoTime2": 0.00738
}